GEM
  remote: http://rubygems.org/
  specs:
    json (1.6.1)
    mechanize (2.0.1)
      net-http-digest_auth (>= 1.1.1, ~> 1.1)
      net-http-persistent (~> 1.8)
      nokogiri (~> 1.4)
      webrobots (>= 0.0.9, ~> 0.0)
    net-http-digest_auth (1.1.1)
    net-http-persistent (1.9)
    nicovideo (0.1.8)
      json (>= 1.1.4)
      mechanize (>= 0.9.2)
    nokogiri (1.5.0)
    webrobots (0.0.12)
      nokogiri (>= 1.4.4)

PLATFORMS
  ruby

DEPENDENCIES
  nicovideo
